GEM
  remote: https://rubygems.org/
  specs:
    aai (0.5.4)
      abort_if (~> 0.2.0)
      parallel (~> 1.6, >= 1.6.1)
      parse_fasta (~> 2.2)
      systemu (~> 2.6, >= 2.6.5)
      trollop (~> 2.1, >= 2.1.2)
    abort_if (0.2.0)
    diff-lcs (1.3)
    parallel (1.12.1)
    parse_fasta (2.4.2)
    pasv_lib (0.1.1)
      systemu (~> 2.6, >= 2.6.5)
    rspec (3.7.0)
      rspec-core (~> 3.7.0)
      rspec-expectations (~> 3.7.0)
      rspec-mocks (~> 3.7.0)
    rspec-core (3.7.1)
      rspec-support (~> 3.7.0)
    rspec-expectations (3.7.0)
      diff-lcs (>= 1.2.0, < 2.0)
      rspec-support (~> 3.7.0)
    rspec-mocks (3.7.0)
      diff-lcs (>= 1.2.0, < 2.0)
      rspec-support (~> 3.7.0)
    rspec-support (3.7.1)
    ruby-progressbar (1.9.0)
    systemu (2.6.5)
    trollop (2.1.2)

PLATFORMS
  ruby

DEPENDENCIES
  aai (~> 0.5.4)
  abort_if (~> 0.2.0)
  parallel (~> 1.12, >= 1.12.1)
  parse_fasta (~> 2.4, >= 2.4.2)
  pasv_lib
  rspec (~> 3.7)
  ruby-progressbar (~> 1.8, >= 1.8.1)
  trollop (~> 2.1, >= 2.1.2)

BUNDLED WITH
   1.16.1
