GEM
  remote: https://rubygems.org/
  specs:
    aai (0.5.5)
      abort_if (~> 0.2.0)
      optimist (~> 3.0)
      parallel (~> 1.6, >= 1.6.1)
      parse_fasta (~> 2.2)
      systemu (~> 2.6, >= 2.6.5)
    abort_if (0.2.0)
    diff-lcs (1.3)
    optimist (3.0.0)
    parallel (1.12.1)
    parse_fasta (2.5.2)
    pasv_lib (0.1.1)
      systemu (~> 2.6, >= 2.6.5)
    rspec (3.8.0)
      rspec-core (~> 3.8.0)
      rspec-expectations (~> 3.8.0)
      rspec-mocks (~> 3.8.0)
    rspec-core (3.8.0)
      rspec-support (~> 3.8.0)
    rspec-expectations (3.8.2)
      diff-lcs (>= 1.2.0, < 2.0)
      rspec-support (~> 3.8.0)
    rspec-mocks (3.8.0)
      diff-lcs (>= 1.2.0, < 2.0)
      rspec-support (~> 3.8.0)
    rspec-support (3.8.0)
    ruby-progressbar (1.10.0)
    systemu (2.6.5)

PLATFORMS
  ruby

DEPENDENCIES
  aai (~> 0.5.4)
  abort_if (~> 0.2.0)
  optimist (~> 3.0)
  parallel (~> 1.12, >= 1.12.1)
  parse_fasta (~> 2.4, >= 2.4.2)
  pasv_lib
  rspec (~> 3.7)
  ruby-progressbar (~> 1.8, >= 1.8.1)

BUNDLED WITH
   1.16.3
